GEM
  remote: https://rubygems.org/
  specs:
    dotenv (2.0.1)
    ethon (0.7.1)
      ffi (>= 1.3.0)
    ffi (1.9.8)
    mini_portile (0.6.2)
    nokogiri (1.6.6.2)
      mini_portile (~> 0.6.0)
    typhoeus (0.6.9)
      ethon (>= 0.7.1)

PLATFORMS
  ruby

DEPENDENCIES
  dotenv
  nokogiri
  typhoeus
